GEM
  remote: https://rubygems.org/
  specs:
    benchmark-ips (2.3.0)
    colorize (0.7.7)
    commander (4.3.5)
      highline (~> 1.7.2)
    euler-manager (0.1.1)
      colorize
      commander
      peach
    highline (1.7.8)
    peach (0.5.1)

PLATFORMS
  ruby

DEPENDENCIES
  benchmark-ips
  euler-manager

BUNDLED WITH
   1.10.6
